GEM
  remote: http://rubygems.org/
  specs:
    archive-tar-minitar (0.5.2)
    awesome_print (0.3.1)
    builder (3.0.0)
    cairo (1.10.0)
      pkg-config
    coderay (0.9.6)
    columnize (0.3.2)
    debuglog (1.0.0)
    dictionary (1.0.0)
    facets (2.9.0)
    fattr (2.2.0)
    linecache19 (0.5.11)
      ruby_core_source (>= 0.1.4)
    pkg-config (1.0.7)
    polyglot (0.3.1)
    rio (0.4.2)
    ruby-debug-base19 (0.11.24)
      columnize (>= 0.3.1)
      linecache19 (>= 0.5.11)
      ruby_core_source (>= 0.1.4)
    ruby-debug19 (0.11.6)
      columnize (>= 0.3.1)
      linecache19 (>= 0.5.11)
      ruby-debug-base19 (>= 0.11.19)
    ruby_core_source (0.1.4)
      archive-tar-minitar (>= 0.5.2)
    term-ansicolor (1.0.5)
    treetop (1.4.9)
      polyglot (>= 0.3.1)

PLATFORMS
  ruby

DEPENDENCIES
  awesome_print
  builder
  cairo
  coderay
  debuglog
  dictionary
  facets
  fattr
  rio
  ruby-debug19
  term-ansicolor
  treetop
